GIT
  remote: git://github.com/200Creative/spree_bootstrap_frontend.git
  revision: d57d8660b38efc2821a56e3af2cec84fb95fefbd
  specs:
    spree_auth_devise_bootstrap (2.4.0.beta)
      spree_auth_devise (~> 2.2)
      spree_bootstrap
    spree_bootstrap (2.4.0.beta)
      bootstrap-kaminari-views (~> 0.0.3)
      bootstrap-sass (~> 3.2.0)
      spree_core (~> 2.4.0.beta)
      spree_frontend (~> 2.4.0.beta)
    spree_bootstrap_frontend (2.4.0.beta)
      spree_auth_devise_bootstrap
      spree_bootstrap

GIT
  remote: git://github.com/spree-contrib/spree_volume_pricing.git
  revision: 3cfbd157eafa7c37584672bd1c19f51541db08e0
  specs:
    spree_volume_pricing (3.3.0)
      spree_core (~> 2.4.0.beta)

GIT
  remote: git://github.com/spree/spree.git
  revision: 29c7c625696ed8cc571ec193fe6e9086832d7ed3
  branch: 2-4-stable
  specs:
    spree (2.4.0.rc3)
      spree_api (= 2.4.0.rc3)
      spree_backend (= 2.4.0.rc3)
      spree_cmd (= 2.4.0.rc3)
      spree_core (= 2.4.0.rc3)
      spree_frontend (= 2.4.0.rc3)
      spree_sample (= 2.4.0.rc3)
    spree_api (2.4.0.rc3)
      rabl (~> 0.9.4.pre1)
      spree_core (= 2.4.0.rc3)
      versioncake (~> 2.3.1)
    spree_backend (2.4.0.rc3)
      jquery-rails (~> 3.1.2)
      jquery-ui-rails (~> 5.0.0)
      select2-rails (~> 3.5.0)
      spree_api (= 2.4.0.rc3)
      spree_core (= 2.4.0.rc3)
    spree_cmd (2.4.0.rc3)
      thor (~> 0.14)
    spree_core (2.4.0.rc3)
      activemerchant (~> 1.44.1)
      acts_as_list (= 0.3.0)
      awesome_nested_set (~> 3.0.0.rc.3)
      cancancan (~> 1.9.2)
      carmen (~> 1.0.0)
      deface (~> 1.0.0)
      ffaker (~> 1.16)
      font-awesome-rails (~> 4.0)
      friendly_id (~> 5.0.4)
      highline (~> 1.6.18)
      httparty (~> 0.11)
      json (~> 1.7)
      kaminari (~> 0.15, >= 0.15.1)
      monetize
      paperclip (~> 4.2.0)
      paranoia (~> 2.0)
      premailer-rails
      rails (~> 4.1.6)
      ransack (~> 1.4.1)
      state_machine (= 1.2.0)
      stringex (~> 1.5.1)
      truncate_html (= 0.9.2)
      twitter_cldr (~> 3.0)
    spree_frontend (2.4.0.rc3)
      canonical-rails (~> 0.0.4)
      jquery-rails (~> 3.1.2)
      spree_api (= 2.4.0.rc3)
      spree_core (= 2.4.0.rc3)
      stringex (~> 1.5.1)
    spree_sample (2.4.0.rc3)
      spree_core (= 2.4.0.rc3)

GIT
  remote: git://github.com/spree/spree_auth_devise.git
  revision: 761a9d53a487ac04d0b3dfb85e5d230f3c181a04
  branch: 2-4-stable
  specs:
    spree_auth_devise (2.2.0)
      cancan (~> 1.6.10)
      devise (~> 3.2.3)
      devise-encryptable (= 0.1.2)
      json
      multi_json
      spree_core (~> 2.4.0.beta)

GIT
  remote: git://github.com/spree/spree_gateway.git
  revision: a6cb3301804912bb85a3b17143145a839f8d922e
  branch: 2-4-stable
  specs:
    spree_gateway (2.3.0.beta)
      spree_core (~> 2.4.0.beta)

GEM
  remote: https://rubygems.org/
  specs:
    actionmailer (4.1.6)
      actionpack (= 4.1.6)
      actionview (= 4.1.6)
      mail (~> 2.5, >= 2.5.4)
    actionpack (4.1.6)
      actionview (= 4.1.6)
      activesupport (= 4.1.6)
      rack (~> 1.5.2)
      rack-test (~> 0.6.2)
    actionview (4.1.6)
      activesupport (= 4.1.6)
      builder (~> 3.1)
      erubis (~> 2.7.0)
    active_utils (2.2.3)
      activesupport (>= 2.3.11)
      i18n
    activemerchant (1.44.1)
      active_utils (~> 2.2.0)
      activesupport (>= 3.2.14, < 5.0.0)
      builder (>= 2.1.2, < 4.0.0)
      i18n (>= 0.6.9)
      json (~> 1.7)
      nokogiri (~> 1.4)
      offsite_payments (~> 2.0.0)
    activemodel (4.1.6)
      activesupport (= 4.1.6)
      builder (~> 3.1)
    activerecord (4.1.6)
      activemodel (= 4.1.6)
      activesupport (= 4.1.6)
      arel (~> 5.0.0)
    activesupport (4.1.6)
      i18n (~> 0.6, >= 0.6.9)
      json (~> 1.7, >= 1.7.7)
      minitest (~> 5.1)
      thread_safe (~> 0.1)
      tzinfo (~> 1.1)
    acts_as_list (0.3.0)
      activerecord (>= 3.0)
    addressable (2.3.6)
    arel (5.0.1.20140414130214)
    autoprefixer-rails (3.1.1.20141001)
      execjs
    awesome_nested_set (3.0.1)
      activerecord (>= 4.0.0, < 5)
    bcrypt (3.1.7)
    bootstrap-kaminari-views (0.0.5)
      kaminari (>= 0.13)
      rails (>= 3.1)
    bootstrap-sass (3.2.0.2)
      sass (~> 3.2)
    builder (3.2.2)
    camertron-eprun (1.1.0)
    cancan (1.6.10)
    cancancan (1.9.2)
    canonical-rails (0.0.7)
      rails (>= 3.1, < 5.0)
    capistrano (3.2.1)
      i18n
      rake (>= 10.0.0)
      sshkit (~> 1.3)
    capistrano-bundler (1.1.3)
      capistrano (~> 3.1)
      sshkit (~> 1.2)
    capistrano-rails (1.1.2)
      capistrano (~> 3.1)
      capistrano-bundler (~> 1.1)
    carmen (1.0.1)
      unicode_utils (~> 1.4.0)
    cldr-plurals-runtime-rb (1.0.0)
    climate_control (0.0.3)
      activesupport (>= 3.0)
    cocaine (0.5.4)
      climate_control (>= 0.0.3, < 1.0)
    coffee-rails (4.0.1)
      coffee-script (>= 2.2.0)
      railties (>= 4.0.0, < 5.0)
    coffee-script (2.3.0)
      coffee-script-source
      execjs
    coffee-script-source (1.8.0)
    colorize (0.7.3)
    css_parser (1.3.5)
      addressable
    deface (1.0.1)
      colorize (>= 0.5.8)
      nokogiri (~> 1.6.0)
      polyglot
      rails (>= 3.1)
    devise (3.2.4)
      bcrypt (~> 3.0)
      orm_adapter (~> 0.1)
      railties (>= 3.2.6, < 5)
      thread_safe (~> 0.1)
      warden (~> 1.2.3)
    devise-encryptable (0.1.2)
      devise (>= 2.1.0)
    erubis (2.7.0)
    execjs (2.2.2)
    ffaker (1.25.0)
    font-awesome-rails (4.2.0.0)
      railties (>= 3.2, < 5.0)
    friendly_id (5.0.4)
      activerecord (>= 4.0.0)
    haml (4.0.5)
      tilt
    haml-rails (0.5.3)
      actionpack (>= 4.0.1)
      activesupport (>= 4.0.1)
      haml (>= 3.1, < 5.0)
      railties (>= 4.0.1)
    highline (1.6.21)
    hike (1.2.3)
    honeypot-captcha (0.0.2)
    htmlentities (4.3.2)
    httparty (0.13.1)
      json (~> 1.8)
      multi_xml (>= 0.5.2)
    i18n (0.6.11)
    jquery-rails (3.1.2)
      railties (>= 3.0, < 5.0)
      thor (>= 0.14, < 2.0)
    jquery-ui-rails (5.0.1)
      railties (>= 3.2.16)
    jquery-ui-themes (0.0.11)
      httparty
    json (1.8.1)
    kaminari (0.16.1)
      actionpack (>= 3.0.0)
      activesupport (>= 3.0.0)
    libv8 (3.16.14.7)
    mail (2.6.1)
      mime-types (>= 1.16, < 3)
    mime-types (2.4.2)
    mini_portile (0.6.0)
    minitest (5.4.2)
    monetize (0.4.1)
      money (~> 6.2.1)
    money (6.2.1)
      i18n (>= 0.6.4, <= 0.7.0.dev)
    multi_json (1.10.1)
    multi_xml (0.5.5)
    net-scp (1.2.1)
      net-ssh (>= 2.6.5)
    net-ssh (2.9.1)
    netrc (0.7.8)
    nokogiri (1.6.3.1)
      mini_portile (= 0.6.0)
    offsite_payments (2.0.1)
      active_utils (~> 2.2.0)
      activesupport (>= 3.2.14, < 5.0.0)
      builder (>= 2.1.2, < 4.0.0)
      i18n (~> 0.5)
      json (~> 1.7)
      money (< 7.0.0)
      nokogiri (~> 1.4)
    orm_adapter (0.5.0)
    paperclip (4.2.0)
      activemodel (>= 3.0.0)
      activesupport (>= 3.0.0)
      cocaine (~> 0.5.3)
      mime-types
    paranoia (2.0.2)
      activerecord (~> 4.0)
    polyamorous (1.1.0)
      activerecord (>= 3.0)
    polyglot (0.3.5)
    premailer (1.8.2)
      css_parser (>= 1.3.5)
      htmlentities (>= 4.0.0)
    premailer-rails (1.8.0)
      actionmailer (>= 3, < 5)
      premailer (~> 1.7, >= 1.7.9)
    quiet_assets (1.0.3)
      railties (>= 3.1, < 5.0)
    rabl (0.9.4.pre1)
      activesupport (>= 2.3.14)
    rack (1.5.2)
    rack-test (0.6.2)
      rack (>= 1.0)
    rails (4.1.6)
      actionmailer (= 4.1.6)
      actionpack (= 4.1.6)
      actionview (= 4.1.6)
      activemodel (= 4.1.6)
      activerecord (= 4.1.6)
      activesupport (= 4.1.6)
      bundler (>= 1.3.0, < 2.0)
      railties (= 4.1.6)
      sprockets-rails (~> 2.0)
    railties (4.1.6)
      actionpack (= 4.1.6)
      activesupport (= 4.1.6)
      rake (>= 0.8.7)
      thor (>= 0.18.1, < 2.0)
    rake (10.3.2)
    ransack (1.4.1)
      actionpack (>= 3.0)
      activerecord (>= 3.0)
      activesupport (>= 3.0)
      i18n
      polyamorous (~> 1.1)
    ref (1.0.5)
    rest_client (1.7.3)
      netrc (~> 0.7.7)
    sass (3.2.19)
    sass-rails (4.0.3)
      railties (>= 4.0.0, < 5.0)
      sass (~> 3.2.0)
      sprockets (~> 2.8, <= 2.11.0)
      sprockets-rails (~> 2.0)
    select2-rails (3.5.9.1)
      thor (~> 0.14)
    simple-navigation (3.13.0)
      activesupport (>= 2.3.2)
    simple-navigation-bootstrap (1.0.0)
      railties (>= 3.1)
      simple-navigation (>= 3.7.0)
    simple_form (3.0.2)
      actionpack (~> 4.0)
      activemodel (~> 4.0)
    spring (1.1.3)
    sprockets (2.11.0)
      hike (~> 1.2)
      multi_json (~> 1.0)
      rack (~> 1.0)
      tilt (~> 1.1, != 1.3.0)
    sprockets-rails (2.2.0)
      actionpack (>= 3.0)
      activesupport (>= 3.0)
      sprockets (>= 2.8, < 4.0)
    sqlite3 (1.3.9)
    sshkit (1.5.1)
      colorize
      net-scp (>= 1.1.2)
      net-ssh (>= 2.8.0)
    state_machine (1.2.0)
    stringex (1.5.1)
    therubyracer (0.12.1)
      libv8 (~> 3.16.14.0)
      ref
    thor (0.19.1)
    thread_safe (0.3.4)
    tilt (1.4.1)
    truncate_html (0.9.2)
    turbolinks (2.4.0)
      coffee-rails
    twitter_cldr (3.1.0)
      camertron-eprun
      cldr-plurals-runtime-rb (~> 1.0.0)
      json
      tzinfo
    tzinfo (1.2.2)
      thread_safe (~> 0.1)
    uglifier (2.5.3)
      execjs (>= 0.3.0)
      json (>= 1.8.0)
    unicode_utils (1.4.0)
    versioncake (2.3.1)
      actionpack (>= 3.2)
      activesupport (>= 3.2)
      railties (>= 3.2)
      tzinfo
    warden (1.2.3)
      rack (>= 1.0)

PLATFORMS
  ruby

DEPENDENCIES
  autoprefixer-rails
  capistrano (~> 3.2.1)
  capistrano-bundler (~> 1.1.2)
  capistrano-rails
  font-awesome-rails
  haml-rails
  honeypot-captcha
  jquery-rails
  jquery-ui-rails
  jquery-ui-themes
  quiet_assets
  rails (= 4.1.6)
  rest_client
  sass-rails
  simple-navigation-bootstrap
  simple_form
  spree!
  spree_auth_devise!
  spree_bootstrap_frontend!
  spree_gateway!
  spree_volume_pricing!
  spring
  sqlite3
  therubyracer
  turbolinks
  uglifier (>= 1.3.0)
